GEM
  remote: https://rubygems.org/
  specs:
    bosh-template (2.0.0)
      semi_semantic (~> 1.2.0)
    semi_semantic (1.2.0)

PLATFORMS
  ruby

DEPENDENCIES
  bosh-template

BUNDLED WITH
   1.11.0
