GEM
  remote: https://rubygems.org/
  specs:
    bosh-template (2.0.0)
      semi_semantic (~> 1.2.0)
    semi_semantic (1.2.0)

PLATFORMS
  ruby

DEPENDENCIES
  bosh-template

RUBY VERSION
   ruby 2.7.3p183

BUNDLED WITH
   2.1.4
